GIT
  remote: git@github.com:Insomniware/whenever.git
  revision: 55ff01ec3ee2787fac3998aa1287114ab6ee9b11
  specs:
    whenever (0.9.2)
      activesupport (>= 2.3.4)
      chronic (>= 0.6.3)

GEM
  remote: https://rubygems.org/
  specs:
    actioncable (6.0.2)
      actionpack (= 6.0.2)
      nio4r (~> 2.0)
      websocket-driver (>= 0.6.1)
    actionmailbox (6.0.2)
      actionpack (= 6.0.2)
      activejob (= 6.0.2)
      activerecord (= 6.0.2)
      activestorage (= 6.0.2)
      activesupport (= 6.0.2)
      mail (>= 2.7.1)
    actionmailer (6.0.2)
      actionpack (= 6.0.2)
      actionview (= 6.0.2)
      activejob (= 6.0.2)
      mail (~> 2.5, >= 2.5.4)
      rails-dom-testing (~> 2.0)
    actionpack (6.0.2)
      actionview (= 6.0.2)
      activesupport (= 6.0.2)
      rack (~> 2.0)
      rack-test (>= 0.6.3)
      rails-dom-testing (~> 2.0)
      rails-html-sanitizer (~> 1.0, >= 1.2.0)
    actiontext (6.0.2)
      actionpack (= 6.0.2)
      activerecord (= 6.0.2)
      activestorage (= 6.0.2)
      activesupport (= 6.0.2)
      nokogiri (>= 1.8.5)
    actionview (6.0.2)
      activesupport (= 6.0.2)
      builder (~> 3.1)
      erubi (~> 1.4)
      rails-dom-testing (~> 2.0)
      rails-html-sanitizer (~> 1.1, >= 1.2.0)
    activejob (6.0.2)
      activesupport (= 6.0.2)
      globalid (>= 0.3.6)
    activemodel (6.0.2)
      activesupport (= 6.0.2)
    activerecord (6.0.2)
      activemodel (= 6.0.2)
      activesupport (= 6.0.2)
    activestorage (6.0.2)
      actionpack (= 6.0.2)
      activejob (= 6.0.2)
      activerecord (= 6.0.2)
      marcel (~> 0.3.1)
    activesupport (6.0.2)
      concurrent-ruby (~> 1.0, >= 1.0.2)
      i18n (>= 0.7, < 2)
      minitest (~> 5.1)
      tzinfo (~> 1.1)
      zeitwerk (~> 2.2)
    addressable (2.7.0)
      public_suffix (>= 2.0.2, < 5.0)
    bootsnap (1.4.5)
      msgpack (~> 1.0)
    builder (3.2.4)
    byebug (11.0.1)
    chronic (0.10.2)
    coderay (1.1.2)
    concurrent-ruby (1.1.5)
    crass (1.0.5)
    erubi (1.9.0)
    faraday (0.9.2)
      multipart-post (>= 1.2, < 3)
    ffi (1.11.3)
    globalid (0.4.2)
      activesupport (>= 4.2.0)
    i18n (1.7.0)
      concurrent-ruby (~> 1.0)
    listen (3.1.5)
      rb-fsevent (~> 0.9, >= 0.9.4)
      rb-inotify (~> 0.9, >= 0.9.7)
      ruby_dep (~> 1.2)
    loofah (2.4.0)
      crass (~> 1.0.2)
      nokogiri (>= 1.5.9)
    mail (2.7.1)
      mini_mime (>= 0.1.1)
    marcel (0.3.3)
      mimemagic (~> 0.3.2)
    method_source (0.9.2)
    mimemagic (0.3.10)
      nokogiri (~> 1)
      rake
    mini_mime (1.0.2)
    mini_portile2 (2.4.0)
    minitest (5.13.0)
    msgpack (1.3.1)
    multipart-post (2.1.1)
    nio4r (2.5.8)
    nokogiri (1.10.7)
      mini_portile2 (~> 2.4.0)
    octokit (4.14.0)
      sawyer (~> 0.8.0, >= 0.5.3)
    pg (1.1.4)
    pry (0.12.2)
      coderay (~> 1.1.0)
      method_source (~> 0.9.0)
    public_suffix (4.0.1)
    puma (4.3.11)
      nio4r (~> 2.0)
    rack (2.0.7)
    rack-cors (1.1.0)
      rack (>= 2.0.0)
    rack-test (1.1.0)
      rack (>= 1.0, < 3)
    rails (6.0.2)
      actioncable (= 6.0.2)
      actionmailbox (= 6.0.2)
      actionmailer (= 6.0.2)
      actionpack (= 6.0.2)
      actiontext (= 6.0.2)
      actionview (= 6.0.2)
      activejob (= 6.0.2)
      activemodel (= 6.0.2)
      activerecord (= 6.0.2)
      activestorage (= 6.0.2)
      activesupport (= 6.0.2)
      bundler (>= 1.3.0)
      railties (= 6.0.2)
      sprockets-rails (>= 2.0.0)
    rails-dom-testing (2.0.3)
      activesupport (>= 4.2.0)
      nokogiri (>= 1.6)
    rails-html-sanitizer (1.3.0)
      loofah (~> 2.3)
    railties (6.0.2)
      actionpack (= 6.0.2)
      activesupport (= 6.0.2)
      method_source
      rake (>= 0.8.7)
      thor (>= 0.20.3, < 2.0)
    rake (13.0.1)
    rb-fsevent (0.10.3)
    rb-inotify (0.10.0)
      ffi (~> 1.0)
    ruby_dep (1.5.0)
    sawyer (0.8.2)
      addressable (>= 2.3.5)
      faraday (> 0.8, < 2.0)
    sprockets (4.0.0)
      concurrent-ruby (~> 1.0)
      rack (> 1, < 3)
    sprockets-rails (3.2.1)
      actionpack (>= 4.0)
      activesupport (>= 4.0)
      sprockets (>= 3.0.0)
    thor (1.0.0)
    thread_safe (0.3.6)
    tzinfo (1.2.5)
      thread_safe (~> 0.1)
    websocket-driver (0.7.1)
      websocket-extensions (>= 0.1.0)
    websocket-extensions (0.1.4)
    zeitwerk (2.2.2)

PLATFORMS
  ruby

DEPENDENCIES
  bootsnap (>= 1.4.2)
  byebug
  faraday (~> 0.9.2)
  listen (>= 3.0.5, < 3.2)
  octokit (~> 4.0)
  pg (>= 0.18, < 2.0)
  pry (~> 0.12.2)
  puma (~> 4.3)
  rack-cors
  rails (~> 6.0.2)
  tzinfo-data
  whenever!

RUBY VERSION
   ruby 2.6.3p62

BUNDLED WITH
   1.17.2
